GEM
  remote: https://rubygems.org/
  specs:
    chunky_png (1.4.0)
    rack (2.2.3)
    rqrcode (2.1.2)
      chunky_png (~> 1.0)
      rqrcode_core (~> 1.0)
    rqrcode_core (1.2.0)
    yaml (0.1.1)

PLATFORMS
  ruby
  x64-mingw32

DEPENDENCIES
  rack
  rqrcode (~> 2)
  yaml

BUNDLED WITH
   2.1.4
